PATH
  remote: ../HelperClasses
  specs:
    helper_classes (1.9.1312)

PATH
  remote: .
  specs:
    qooxview (1.9.1312)
      activemodel (= 5.1.0)
      activerecord (= 5.1.0)
      activesupport (= 5.1.0)
      arel (= 8.0)
      chunky_png (= 1.3.4)
      docsplit (= 0.7.6)
      gettext (= 3.0.0)
      helper_classes (= 1.9.1312)
      i18n (= 0.7.0)
      iconv (= 1.0.3)
      iniparse (= 1.4.0)
      json (= 2.1.0)
      locale (= 2.0.8)
      multi_json (= 1.0.3)
      net-ldap (= 0.16)
      rqrcode (= 0.4.2)
      rqrcode-with-patches (= 0.5.4)
      rubyzip (= 1.1.7)
      serialport (= 1.3.1)
      sqlite3 (= 1.3.10)
      test-unit (= 3.2.3)
      text (= 1.2.3)

GEM
  remote: https://rubygems.org/
  specs:
    activemodel (5.1.0)
      activesupport (= 5.1.0)
    activerecord (5.1.0)
      activemodel (= 5.1.0)
      activesupport (= 5.1.0)
      arel (~> 8.0)
    activesupport (5.1.0)
      concurrent-ruby (~> 1.0, >= 1.0.2)
      i18n (~> 0.7)
      minitest (~> 5.1)
      tzinfo (~> 1.1)
    arel (8.0.0)
    chunky_png (1.3.4)
    concurrent-ruby (1.0.5)
    docsplit (0.7.6)
    gettext (3.0.0)
      locale (>= 2.0.5)
      text
    i18n (0.7.0)
    iconv (1.0.3)
    iniparse (1.4.0)
    json (2.1.0)
    locale (2.0.8)
    minitest (5.10.2)
    multi_json (1.0.3)
    net-ldap (0.16.0)
    power_assert (1.0.2)
    rake (10.5.0)
    rqrcode (0.4.2)
    rqrcode-with-patches (0.5.4)
      chunky_png
    rubyzip (1.1.7)
    serialport (1.3.1)
    sqlite3 (1.3.10)
    test-unit (3.2.3)
      power_assert
    text (1.2.3)
    thread_safe (0.3.6)
    tzinfo (1.2.3)
      thread_safe (~> 0.1)

PLATFORMS
  ruby

DEPENDENCIES
  bundler (~> 1.14)
  helper_classes!
  qooxview!
  rake (~> 10.0)

BUNDLED WITH
   1.15.0
